GEM
  remote: https://rubygems.org/
  specs:
    asciidoctor (2.0.12)
    asciidoctor-revealjs (4.0.1)
      asciidoctor (>= 2.0.0, < 3.0.0)
      concurrent-ruby (~> 1.0)
      thread_safe (~> 0.3.5)
    concurrent-ruby (1.1.7)
    rouge (3.26.0)
    thread_safe (0.3.6)

PLATFORMS
  x86_64-linux

DEPENDENCIES
  asciidoctor
  asciidoctor-revealjs
  rouge

BUNDLED WITH
   2.2.1
